PATH
  remote: .
  specs:
    pusher-chatkit-server (0.7.2)
      pusher-platform (~> 0.8.2)

GEM
  remote: https://rubygems.org/
  specs:
    excon (0.54.0)
    jwt (1.5.6)
    pusher-platform (0.8.2)
      excon (~> 0.54.0)
      jwt (~> 1.5, >= 1.5.6)

PLATFORMS
  ruby

DEPENDENCIES
  pusher-chatkit-server!

BUNDLED WITH
   1.16.2
